PATH
  remote: .
  specs:
    presenter-rails (1.0.0)

GEM
  remote: https://rubygems.org/
  specs:
    actioncable (5.0.4)
      actionpack (= 5.0.4)
      nio4r (>= 1.2, < 3.0)
      websocket-driver (~> 0.6.1)
    actionmailer (5.0.4)
      actionpack (= 5.0.4)
      actionview (= 5.0.4)
      activejob (= 5.0.4)
      mail (~> 2.5, >= 2.5.4)
      rails-dom-testing (~> 2.0)
    actionpack (5.0.4)
      actionview (= 5.0.4)
      activesupport (= 5.0.4)
      rack (~> 2.0)
      rack-test (~> 0.6.3)
      rails-dom-testing (~> 2.0)
      rails-html-sanitizer (~> 1.0, >= 1.0.2)
    actionview (5.0.4)
      activesupport (= 5.0.4)
      builder (~> 3.1)
      erubis (~> 2.7.0)
      rails-dom-testing (~> 2.0)
      rails-html-sanitizer (~> 1.0, >= 1.0.3)
    activejob (5.0.4)
      activesupport (= 5.0.4)
      globalid (>= 0.3.6)
    activemodel (5.0.4)
      activesupport (= 5.0.4)
    activerecord (5.0.4)
      activemodel (= 5.0.4)
      activesupport (= 5.0.4)
      arel (~> 7.0)
    activesupport (5.0.4)
      concurrent-ruby (~> 1.0, >= 1.0.2)
      i18n (~> 0.7)
      minitest (~> 5.1)
      tzinfo (~> 1.1)
    arel (7.1.4)
    builder (3.2.3)
    coderay (1.1.2)
    concurrent-ruby (1.0.5)
    diff-lcs (1.3)
    docile (1.3.1)
    erubis (2.7.0)
    globalid (0.4.0)
      activesupport (>= 4.2.0)
    i18n (0.8.6)
    json (2.1.0)
    loofah (2.0.3)
      nokogiri (>= 1.5.9)
    mail (2.6.6)
      mime-types (>= 1.16, < 4)
    method_source (0.8.2)
    mime-types (3.1)
      mime-types-data (~> 3.2015)
    mime-types-data (3.2016.0521)
    mini_portile2 (2.4.0)
    minitest (5.10.3)
    nio4r (2.1.0)
    nokogiri (1.10.4)
      mini_portile2 (~> 2.4.0)
    pry (0.11.0)
      coderay (~> 1.1.0)
      method_source (~> 0.8.1)
    rack (2.0.3)
    rack-test (0.6.3)
      rack (>= 1.0)
    rails (5.0.4)
      actioncable (= 5.0.4)
      actionmailer (= 5.0.4)
      actionpack (= 5.0.4)
      actionview (= 5.0.4)
      activejob (= 5.0.4)
      activemodel (= 5.0.4)
      activerecord (= 5.0.4)
      activesupport (= 5.0.4)
      bundler (>= 1.3.0, < 2.0)
      railties (= 5.0.4)
      sprockets-rails (>= 2.0.0)
    rails-dom-testing (2.0.3)
      activesupport (>= 4.2.0)
      nokogiri (>= 1.6)
    rails-html-sanitizer (1.0.3)
      loofah (~> 2.0)
    railties (5.0.4)
      actionpack (= 5.0.4)
      activesupport (= 5.0.4)
      method_source
      rake (>= 0.8.7)
      thor (>= 0.18.1, < 2.0)
    rake (12.0.0)
    rspec-core (3.6.0)
      rspec-support (~> 3.6.0)
    rspec-expectations (3.6.0)
      diff-lcs (>= 1.2.0, < 2.0)
      rspec-support (~> 3.6.0)
    rspec-mocks (3.6.0)
      diff-lcs (>= 1.2.0, < 2.0)
      rspec-support (~> 3.6.0)
    rspec-rails (3.6.0)
      actionpack (>= 3.0)
      activesupport (>= 3.0)
      railties (>= 3.0)
      rspec-core (~> 3.6.0)
      rspec-expectations (~> 3.6.0)
      rspec-mocks (~> 3.6.0)
      rspec-support (~> 3.6.0)
    rspec-support (3.6.0)
    simplecov (0.16.1)
      docile (~> 1.1)
      json (>= 1.8, < 3)
      simplecov-html (~> 0.10.0)
    simplecov-html (0.10.2)
    sprockets (3.7.1)
      concurrent-ruby (~> 1.0)
      rack (> 1, < 3)
    sprockets-rails (3.2.0)
      actionpack (>= 4.0)
      activesupport (>= 4.0)
      sprockets (>= 3.0.0)
    sqlite3 (1.3.13)
    thor (0.19.4)
    thread_safe (0.3.6)
    tzinfo (1.2.3)
      thread_safe (~> 0.1)
    websocket-driver (0.6.5)
      websocket-extensions (>= 0.1.0)
    websocket-extensions (0.1.2)

PLATFORMS
  ruby

DEPENDENCIES
  presenter-rails!
  pry
  rails (~> 5.0.2)
  rspec-rails
  simplecov
  sqlite3

BUNDLED WITH
   1.16.0.pre.3
